GIT
  remote: git://github.com/timmfin/guard.git
  revision: e2d7a19fdbeca044e7941185a5b9169ad3b68c32
  branch: watch-multiple-directories
  specs:
    guard (1.8.0)
      formatador (>= 0.2.4)
      listen (>= 1.0.0)
      lumberjack (>= 1.0.2)
      pry (>= 0.9.10)
      thor (>= 0.14.6)

GIT
  remote: git://github.com/timmfin/hike-tribe.git
  revision: 764522a0bad215d38aa62a0a447f790f16781739
  branch: master
  specs:
    hike (1.2.2)

GIT
  remote: git://github.com/timmfin/semver.git
  revision: 95fad3ee00bfaab5600c12816f10ec0f2a83e041
  branch: master
  specs:
    semver-tribe (0.1.1)

GIT
  remote: git://github.com/timmfin/sprocket-tribe.git
  revision: bad6d512d653c94936919f778a6fe5b07ed98ec3
  branch: master
  specs:
    sprockets (2.9.3)
      hike (~> 1.2)
      multi_json (~> 1.0)
      rack (~> 1.0)
      tilt (~> 1.1, != 1.3.0)

GIT
  remote: git://github.com/timmfin/sprockets-derailleur.git
  revision: ed3dd2ef90242f482e85f19202adf30c5328903f
  branch: customizations
  specs:
    sprockets-derailleur (0.0.6)
      sprockets (~> 2)

GIT
  remote: git://github.com/timmfin/sprockets-helpers.git
  revision: 72bcecb0f879695624e9366c7ebb6ecafacfcea9
  branch: master
  specs:
    sprockets-helpers (1.0.0)
      sprockets (~> 2.0)

GEM
  remote: https://rubygems.org/
  specs:
    POpen4 (0.1.4)
      Platform (>= 0.4.0)
      open4
    Platform (0.4.0)
    actionpack (2.3.2)
      activesupport (= 2.3.2)
    activesupport (2.3.2)
    addressable (2.3.4)
    backports (3.3.1)
    chunky_png (1.2.8)
    coderay (1.0.9)
    coffee-script (2.2.0)
      coffee-script-source
      execjs
    coffee-script-source (1.4.0)
    compass (0.12.2)
      chunky_png (~> 1.2)
      fssm (>= 0.2.7)
      sass (~> 3.1)
    crack (0.4.0)
      safe_yaml (~> 0.9.0)
    daemons (1.1.9)
    diff-lcs (1.2.4)
    em-websocket (0.5.0)
      eventmachine (>= 0.12.9)
      http_parser.rb (~> 0.5.3)
    eventmachine (1.0.3)
    execjs (1.4.0)
      multi_json (~> 1.0)
    ffi (1.9.0)
    formatador (0.2.4)
    fssm (0.2.10)
    git (1.2.5)
    gli (2.5.6)
    growl (1.0.3)
    guard-livereload (1.4.0)
      em-websocket (>= 0.5.0)
      guard (>= 1.8.0)
      multi_json (~> 1.7)
    guard-rack (1.3.0)
      growl (~> 1.0.3)
      guard (~> 1.1)
      rb-fsevent (>= 0.3.9)
      spoon (~> 0.0.1)
    http_parser.rb (0.5.3)
    json (1.7.7)
    listen (1.2.0)
      rb-fsevent (>= 0.9.3)
      rb-inotify (>= 0.9)
      rb-kqueue (>= 0.2)
    lumberjack (1.0.3)
    method_source (0.8.1)
    multi_json (1.7.6)
    open4 (1.3.0)
    pry (0.9.12.2)
      coderay (~> 1.0.5)
      method_source (~> 0.8)
      slop (~> 3.4)
    rack (1.5.2)
    rack-livereload (0.3.15)
      rack
    rack-protection (1.5.0)
      rack
    rack-test (0.6.2)
      rack (>= 1.0)
    rb-fsevent (0.9.3)
    rb-inotify (0.9.0)
      ffi (>= 0.5.0)
    rb-kqueue (0.2.0)
      ffi (>= 0.5.0)
    rerun (0.8.1)
      listen (>= 1.0.3)
    rspec (2.13.0)
      rspec-core (~> 2.13.0)
      rspec-expectations (~> 2.13.0)
      rspec-mocks (~> 2.13.0)
    rspec-core (2.13.1)
    rspec-expectations (2.13.0)
      diff-lcs (>= 1.1.3, < 2.0)
    rspec-mocks (2.13.1)
    ruby-prof (0.13.0)
    safe_yaml (0.9.3)
    sass (3.2.9)
    simplecov (0.7.1)
      multi_json (~> 1.0)
      simplecov-html (~> 0.7.1)
    simplecov-html (0.7.1)
    sinatra (1.4.3)
      rack (~> 1.4)
      rack-protection (~> 1.4)
      tilt (~> 1.3, >= 1.3.4)
    sinatra-contrib (1.4.0)
      backports (>= 2.0)
      eventmachine
      rack-protection
      rack-test
      sinatra (~> 1.4.2)
      tilt (~> 1.3)
    slim (2.0.0)
      temple (~> 0.6.5)
      tilt (~> 1.3, >= 1.3.3)
    slop (3.4.5)
    spoon (0.0.4)
      ffi
    sprockets-sass (1.0.1)
      sprockets (~> 2.0)
      tilt (~> 1.1)
    temple (0.6.5)
    thin (1.5.1)
      daemons (>= 1.0.9)
      eventmachine (>= 0.12.6)
      rack (>= 1.0.0)
    thor (0.18.1)
    tilt (1.4.1)
    uglifier (2.1.1)
      execjs (>= 0.3.0)
      multi_json (~> 1.0, >= 1.0.2)
    webmock (1.11.0)
      addressable (>= 2.2.7)
      crack (>= 0.3.2)
    yui-compressor (0.9.6)
      POpen4 (>= 0.1.4)

PLATFORMS
  ruby

DEPENDENCIES
  actionpack
  coffee-script
  coffee-script-source (~> 1.4.0)
  compass (~> 0.12.2)
  execjs
  git
  gli
  guard!
  guard-livereload (~> 1.4.0)
  guard-rack
  hike!
  json (~> 1.7.7)
  rack-livereload (~> 0.3.15)
  rb-fsevent (~> 0.9.1)
  rerun
  rspec
  ruby-prof
  sass (~> 3.2.5)
  semver-tribe!
  simplecov
  sinatra
  sinatra-contrib
  slim
  sprockets!
  sprockets-derailleur!
  sprockets-helpers!
  sprockets-sass
  thin
  uglifier (>= 2.1.0)
  webmock
  yui-compressor (~> 0.9.6)
