GIT
  remote: git://github.com/timmfin/hike-tribe.git
  revision: 764522a0bad215d38aa62a0a447f790f16781739
  branch: master
  specs:
    hike (1.2.2)

GIT
  remote: git://github.com/timmfin/semver.git
  revision: 95fad3ee00bfaab5600c12816f10ec0f2a83e041
  branch: master
  specs:
    semver-tribe (0.1.1)

GIT
  remote: git://github.com/timmfin/sprocket-tribe.git
  revision: 738c54d3aaec650fc886a1110646136805a6cb14
  branch: master
  specs:
    sprockets (2.9.3)
      hike (~> 1.2)
      multi_json (~> 1.0)
      rack (~> 1.0)
      tilt (~> 1.1, != 1.3.0)

GIT
  remote: git://github.com/timmfin/sprockets-derailleur.git
  revision: ed3dd2ef90242f482e85f19202adf30c5328903f
  branch: customizations
  specs:
    sprockets-derailleur (0.0.6)
      sprockets (~> 2)

GEM
  remote: https://rubygems.org/
  specs:
    actionpack (2.3.2)
      activesupport (= 2.3.2)
    activesupport (2.3.2)
    addressable (2.3.4)
    backports (3.3.1)
    chunky_png (1.2.8)
    coffee-script (2.2.0)
      coffee-script-source
      execjs
    coffee-script-source (1.4.0)
    compass (0.12.2)
      chunky_png (~> 1.2)
      fssm (>= 0.2.7)
      sass (~> 3.1)
    crack (0.3.2)
    daemons (1.1.9)
    diff-lcs (1.2.4)
    eventmachine (1.0.3)
    execjs (1.4.0)
      multi_json (~> 1.0)
    fssm (0.2.10)
    git (1.2.5)
    gli (2.5.6)
    json (1.7.7)
    multi_json (1.7.6)
    rack (1.5.2)
    rack-protection (1.5.0)
      rack
    rack-test (0.6.2)
      rack (>= 1.0)
    rspec (2.13.0)
      rspec-core (~> 2.13.0)
      rspec-expectations (~> 2.13.0)
      rspec-mocks (~> 2.13.0)
    rspec-core (2.13.1)
    rspec-expectations (2.13.0)
      diff-lcs (>= 1.1.3, < 2.0)
    rspec-mocks (2.13.1)
    ruby-prof (0.13.0)
    sass (3.2.9)
    simplecov (0.7.1)
      multi_json (~> 1.0)
      simplecov-html (~> 0.7.1)
    simplecov-html (0.7.1)
    sinatra (1.4.2)
      rack (~> 1.5, >= 1.5.2)
      rack-protection (~> 1.4)
      tilt (~> 1.3, >= 1.3.4)
    sinatra-contrib (1.4.0)
      backports (>= 2.0)
      eventmachine
      rack-protection
      rack-test
      sinatra (~> 1.4.2)
      tilt (~> 1.3)
    slim (2.0.0)
      temple (~> 0.6.5)
      tilt (~> 1.3, >= 1.3.3)
    sprockets-helpers (1.0.1)
      sprockets (~> 2.0)
    sprockets-sass (1.0.1)
      sprockets (~> 2.0)
      tilt (~> 1.1)
    temple (0.6.5)
    thin (1.5.1)
      daemons (>= 1.0.9)
      eventmachine (>= 0.12.6)
      rack (>= 1.0.0)
    tilt (1.4.1)
    uglifier (2.1.1)
      execjs (>= 0.3.0)
      multi_json (~> 1.0, >= 1.0.2)
    webmock (1.11.0)
      addressable (>= 2.2.7)
      crack (>= 0.3.2)

PLATFORMS
  ruby

DEPENDENCIES
  actionpack
  coffee-script
  coffee-script-source (~> 1.4.0)
  compass (~> 0.12.2)
  execjs
  git
  gli
  hike!
  json (~> 1.7.7)
  rspec
  sass (~> 3.2.5)
  semver-tribe!
  simplecov
  sinatra
  sinatra-contrib
  slim
  sprockets!
  sprockets-derailleur!
  sprockets-helpers
  sprockets-sass
  thin
  uglifier (>= 1.2)
  webmock
